GEM
  remote: http://rubygems.org/
  specs:
    chipmunk (5.3.4.5)
    diff-lcs (1.2.4)
    gosu (0.7.48)
    rspec (2.14.1)
      rspec-core (~> 2.14.0)
      rspec-expectations (~> 2.14.0)
      rspec-mocks (~> 2.14.0)
    rspec-core (2.14.4)
    rspec-expectations (2.14.0)
      diff-lcs (>= 1.1.3, < 2.0)
    rspec-mocks (2.14.1)

PLATFORMS
  ruby

DEPENDENCIES
  chipmunk
  gosu
  rspec
